GEM
  remote: https://rubygems.org/
  specs:
    concurrent-ruby (1.1.10)
    thread (0.2.2)

PLATFORMS
  ruby

DEPENDENCIES
  concurrent-ruby
  thread

BUNDLED WITH
   2.1.4
